GIT
  remote: https://github.com/PopulateTools/gobierto_data.git
  revision: 6292904905333bd36d4597e6b50bf2c617cfa5ac
  specs:
    gobierto_data (0.1.0)
      actionpack
      activesupport
      aws-sdk-s3
      elasticsearch (~> 6.0, >= 6.0.2)
      elasticsearch-extensions (~> 0.0.27)
      ine-places (~> 0.3.0)
      oj (~> 3.6)
      rake (~> 13.0)

GIT
  remote: https://github.com/maierru/liquid-rails.git
  revision: 85428a0f713f27281c72f0df60316c62115cf76b
  specs:
    liquid-rails (0.2.1)
      kaminari (~> 1.2.1)
      liquid (~> 4.0.0)
      rails (>= 5.0.6)

GEM
  remote: https://rubygems.org/
  specs:
    actioncable (6.0.3.4)
      actionpack (= 6.0.3.4)
      nio4r (~> 2.0)
      websocket-driver (>= 0.6.1)
    actionmailbox (6.0.3.4)
      actionpack (= 6.0.3.4)
      activejob (= 6.0.3.4)
      activerecord (= 6.0.3.4)
      activestorage (= 6.0.3.4)
      activesupport (= 6.0.3.4)
      mail (>= 2.7.1)
    actionmailer (6.0.3.4)
      actionpack (= 6.0.3.4)
      actionview (= 6.0.3.4)
      activejob (= 6.0.3.4)
      mail (~> 2.5, >= 2.5.4)
      rails-dom-testing (~> 2.0)
    actionpack (6.0.3.4)
      actionview (= 6.0.3.4)
      activesupport (= 6.0.3.4)
      rack (~> 2.0, >= 2.0.8)
      rack-test (>= 0.6.3)
      rails-dom-testing (~> 2.0)
      rails-html-sanitizer (~> 1.0, >= 1.2.0)
    actionpack-action_caching (1.2.1)
      actionpack (>= 4.0.0)
    actiontext (6.0.3.4)
      actionpack (= 6.0.3.4)
      activerecord (= 6.0.3.4)
      activestorage (= 6.0.3.4)
      activesupport (= 6.0.3.4)
      nokogiri (>= 1.8.5)
    actionview (6.0.3.4)
      activesupport (= 6.0.3.4)
      builder (~> 3.1)
      erubi (~> 1.4)
      rails-dom-testing (~> 2.0)
      rails-html-sanitizer (~> 1.1, >= 1.2.0)
    active_model_serializers (0.10.10)
      actionpack (>= 4.1, < 6.1)
      activemodel (>= 4.1, < 6.1)
      case_transform (>= 0.2)
      jsonapi-renderer (>= 0.1.1.beta1, < 0.3)
    activejob (6.0.3.4)
      activesupport (= 6.0.3.4)
      globalid (>= 0.3.6)
    activemodel (6.0.3.4)
      activesupport (= 6.0.3.4)
    activerecord (6.0.3.4)
      activemodel (= 6.0.3.4)
      activesupport (= 6.0.3.4)
    activestorage (6.0.3.4)
      actionpack (= 6.0.3.4)
      activejob (= 6.0.3.4)
      activerecord (= 6.0.3.4)
      marcel (~> 0.3.1)
    activesupport (6.0.3.4)
      concurrent-ruby (~> 1.0, >= 1.0.2)
      i18n (>= 0.7, < 2)
      minitest (~> 5.1)
      tzinfo (~> 1.1)
      zeitwerk (~> 2.2, >= 2.2.2)
    addressable (2.7.0)
      public_suffix (>= 2.0.2, < 5.0)
    akami (1.3.1)
      gyoku (>= 0.4.0)
      nokogiri
    ansi (1.5.0)
    appsignal (2.11.0)
      rack
    ast (2.4.1)
    aws-eventstream (1.1.0)
    aws-partitions (1.380.0)
    aws-sdk-core (3.109.0)
      aws-eventstream (~> 1, >= 1.0.2)
      aws-partitions (~> 1, >= 1.239.0)
      aws-sigv4 (~> 1.1)
      jmespath (~> 1.0)
    aws-sdk-kms (1.39.0)
      aws-sdk-core (~> 3, >= 3.109.0)
      aws-sigv4 (~> 1.1)
    aws-sdk-s3 (1.83.0)
      aws-sdk-core (~> 3, >= 3.109.0)
      aws-sdk-kms (~> 1)
      aws-sigv4 (~> 1.1)
    aws-ses (0.7.0)
      builder
      mail (> 2.2.5)
      mime-types
      xml-simple
    aws-sigv4 (1.2.2)
      aws-eventstream (~> 1, >= 1.0.2)
    aws_cf_signer (0.1.3)
    bcrypt (3.1.16)
    before_renders (0.2.0)
    bootsnap (1.4.8)
      msgpack (~> 1.0)
    bourbon (7.0.0)
      thor (~> 1.0)
    builder (3.2.4)
    byebug (11.1.3)
    capybara (3.33.0)
      addressable
      mini_mime (>= 0.1.3)
      nokogiri (~> 1.8)
      rack (>= 1.6.0)
      rack-test (>= 0.6.3)
      regexp_parser (~> 1.5)
      xpath (~> 3.2)
    capybara-email (3.0.2)
      capybara (>= 2.4, < 4.0)
      mail
    case_transform (0.2)
      activesupport
    charlock_holmes (0.7.7)
    childprocess (3.0.0)
    chroma (0.2.0)
    cloudinary (1.18.1)
      aws_cf_signer
      rest-client
    codecov (0.2.12)
      json
      simplecov
    concurrent-ruby (1.1.7)
    connection_pool (2.2.3)
    cookies_eu (1.7.7)
      js_cookie_rails (~> 2.2.0)
    crack (0.4.4)
    crass (1.0.6)
    d3-rails (4.13.0)
      railties (>= 3.1)
    dalli (2.7.11)
    declarative (0.0.20)
    declarative-option (0.1.0)
    docile (1.3.2)
    domain_name (0.5.20190701)
      unf (>= 0.0.5, < 1.0.0)
    elasticsearch (6.8.2)
      elasticsearch-api (= 6.8.2)
      elasticsearch-transport (= 6.8.2)
    elasticsearch-api (6.8.2)
      multi_json
    elasticsearch-extensions (0.0.31)
      ansi
      elasticsearch
    elasticsearch-transport (6.8.2)
      faraday (~> 1)
      multi_json
    erubi (1.9.0)
    exchanger (0.3.0)
      activesupport (>= 2.2.2)
      httpclient (>= 2.1.5.2)
      nokogiri (>= 1.3.0)
      rubyntlm (>= 0.1.1)
      tzinfo (>= 0.3.33)
    execjs (2.7.0)
    faraday (1.0.1)
      multipart-post (>= 1.2, < 3)
    ffi (1.13.0)
    flight-for-rails (1.5.1)
      jquery-rails (>= 2.1.4)
      rails (>= 3.1.0)
    font-awesome-sass (5.13.0)
      sassc (>= 1.11)
    foreman (0.87.2)
    geocoder (1.6.4)
    globalid (0.4.2)
      activesupport (>= 4.2.0)
    google-api-client (0.46.1)
      addressable (~> 2.5, >= 2.5.1)
      googleauth (~> 0.9)
      httpclient (>= 2.8.1, < 3.0)
      mini_mime (~> 1.0)
      representable (~> 3.0)
      retriable (>= 2.0, < 4.0)
      rexml
      signet (~> 0.12)
    googleauth (0.14.0)
      faraday (>= 0.17.3, < 2.0)
      jwt (>= 1.4, < 3.0)
      memoist (~> 0.16)
      multi_json (~> 1.11)
      os (>= 0.9, < 2.0)
      signet (~> 0.14)
    gyoku (1.3.1)
      builder (>= 2.1.2)
    hashdiff (1.0.1)
    hashie (4.1.0)
    highline (2.0.3)
    http-accept (1.7.0)
    http-cookie (1.0.3)
      domain_name (~> 0.5)
    httpclient (2.8.3)
    httpi (2.4.4)
      rack
      socksify
    i18n (1.8.5)
      concurrent-ruby (~> 1.0)
    i18n-js (3.7.1)
      i18n (>= 0.6.6)
    i18n-tasks (0.9.31)
      activesupport (>= 4.0.2)
      ast (>= 2.1.0)
      erubi
      highline (>= 2.0.0)
      i18n
      parser (>= 2.2.3.0)
      rails-i18n
      rainbow (>= 2.2.2, < 4.0)
      terminal-table (>= 1.5.1)
    ine-places (0.3.0)
      activesupport (>= 4.2)
    invisible_captcha (1.1.0)
      rails (>= 4.2)
    jbuilder (2.10.1)
      activesupport (>= 5.0.0)
    jmespath (1.4.0)
    jquery-rails (4.3.5)
      rails-dom-testing (>= 1, < 3)
      railties (>= 4.2.0)
      thor (>= 0.14, < 2.0)
    js_cookie_rails (2.2.0)
      railties (>= 3.1)
    json (2.3.1)
    json_translate (4.0.0)
      activerecord (>= 4.2.0)
    jsonapi-renderer (0.2.2)
    jwt (2.2.2)
    kaminari (1.2.1)
      activesupport (>= 4.1.0)
      kaminari-actionview (= 1.2.1)
      kaminari-activerecord (= 1.2.1)
      kaminari-core (= 1.2.1)
    kaminari-actionview (1.2.1)
      actionview
      kaminari-core (= 1.2.1)
    kaminari-activerecord (1.2.1)
      activerecord
      kaminari-core (= 1.2.1)
    kaminari-core (1.2.1)
    ladle (1.0.1)
      open4 (~> 1.0)
    launchy (2.5.0)
      addressable (~> 2.7)
    libv8 (3.16.14.19)
    liquid (4.0.3)
    listen (3.2.1)
      rb-fsevent (~> 0.10, >= 0.10.3)
      rb-inotify (~> 0.9, >= 0.9.10)
    loofah (2.7.0)
      crass (~> 1.0.2)
      nokogiri (>= 1.5.9)
    mail (2.7.1)
      mini_mime (>= 0.1.1)
    marcel (0.3.3)
      mimemagic (~> 0.3.2)
    mechanize (2.7.6)
      domain_name (~> 0.5, >= 0.5.1)
      http-cookie (~> 1.0)
      mime-types (>= 1.17.2)
      net-http-digest_auth (~> 1.1, >= 1.1.1)
      net-http-persistent (>= 2.5.2)
      nokogiri (~> 1.6)
      ntlm-http (~> 0.1, >= 0.1.1)
      webrobots (>= 0.0.9, < 0.2)
    memoist (0.16.2)
    meta-tags (2.13.0)
      actionpack (>= 3.2.0, < 6.1)
    method_source (1.0.0)
    mime-types (3.3.1)
      mime-types-data (~> 3.2015)
    mime-types-data (3.2020.0512)
    mimemagic (0.3.5)
    mini_mime (1.0.2)
    mini_portile2 (2.4.0)
    minitest (5.14.2)
    minitest-reporters (1.4.2)
      ansi
      builder
      minitest (>= 5.0)
      ruby-progressbar
    minitest-retry (0.2.1)
      minitest (>= 5.0)
    minitest-stub-const (0.6)
    minitest-stub_any_instance (1.0.2)
    mocha (1.11.2)
    msgpack (1.3.3)
    multi_json (1.15.0)
    multipart-post (2.1.1)
    net-http-digest_auth (1.4.1)
    net-http-persistent (3.0.0)
      connection_pool (~> 2.2)
    net-ldap (0.16.3)
    netrc (0.11.0)
    nio4r (2.5.4)
    nokogiri (1.10.10)
      mini_portile2 (~> 2.4.0)
    nori (2.6.0)
    ntlm-http (0.1.1)
    oj (3.10.6)
    open4 (1.3.4)
    os (1.1.1)
    paper_trail (11.0.0)
      activerecord (>= 5.2)
      request_store (~> 1.1)
    parallel (1.19.2)
    paranoia (2.4.2)
      activerecord (>= 4.0, < 6.1)
    parser (2.7.2.0)
      ast (~> 2.4.1)
    pg (1.2.3)
    pg_search (2.3.4)
      activerecord (>= 5.2)
      activesupport (>= 5.2)
    public_suffix (4.0.6)
    puma (5.0.2)
      nio4r (~> 2.0)
    rack (2.2.3)
    rack-cors (1.1.1)
      rack (>= 2.0.0)
    rack-protection (2.0.8.1)
      rack
    rack-proxy (0.6.5)
      rack
    rack-test (1.1.0)
      rack (>= 1.0, < 3)
    rails (6.0.3.4)
      actioncable (= 6.0.3.4)
      actionmailbox (= 6.0.3.4)
      actionmailer (= 6.0.3.4)
      actionpack (= 6.0.3.4)
      actiontext (= 6.0.3.4)
      actionview (= 6.0.3.4)
      activejob (= 6.0.3.4)
      activemodel (= 6.0.3.4)
      activerecord (= 6.0.3.4)
      activestorage (= 6.0.3.4)
      activesupport (= 6.0.3.4)
      bundler (>= 1.3.0)
      railties (= 6.0.3.4)
      sprockets-rails (>= 2.0.0)
    rails-dom-testing (2.0.3)
      activesupport (>= 4.2.0)
      nokogiri (>= 1.6)
    rails-html-sanitizer (1.3.0)
      loofah (~> 2.3)
    rails-i18n (6.0.0)
      i18n (>= 0.7, < 2)
      railties (>= 6.0.0, < 7)
    railties (6.0.3.4)
      actionpack (= 6.0.3.4)
      activesupport (= 6.0.3.4)
      method_source
      rake (>= 0.8.7)
      thor (>= 0.20.3, < 2.0)
    rainbow (3.0.0)
    rake (13.0.1)
    rb-fsevent (0.10.3)
    rb-inotify (0.10.0)
      ffi (~> 1.0)
    rb-readline (0.5.5)
    redcarpet (3.5.0)
    redis (4.2.2)
    ref (2.0.0)
    regexp_parser (1.8.2)
    representable (3.0.4)
      declarative (< 0.1.0)
      declarative-option (< 0.2.0)
      uber (< 0.2.0)
    request_store (1.5.0)
      rack (>= 1.4)
    responders (3.0.1)
      actionpack (>= 5.0)
      railties (>= 5.0)
    rest-client (2.1.0)
      http-accept (>= 1.7.0, < 2.0)
      http-cookie (>= 1.0.2, < 2.0)
      mime-types (>= 1.16, < 4.0)
      netrc (~> 0.8)
    retriable (3.1.2)
    rexml (3.2.4)
    rollbar (3.0.0)
    route_translator (8.1.0)
      actionpack (>= 5.0.0.1, < 6.1)
      activesupport (>= 5.0.0.1, < 6.1)
      addressable (~> 2.7)
    rubocop (0.93.1)
      parallel (~> 1.10)
      parser (>= 2.7.1.5)
      rainbow (>= 2.2.2, < 4.0)
      regexp_parser (>= 1.8)
      rexml
      rubocop-ast (>= 0.6.0)
      ruby-progressbar (~> 1.7)
      unicode-display_width (>= 1.4.0, < 2.0)
    rubocop-ast (0.8.0)
      parser (>= 2.7.1.5)
    ruby-progressbar (1.10.1)
    rubyXL (3.4.15)
      nokogiri (>= 1.10.8)
      rubyzip (>= 1.3.0)
    ruby_px (0.5.0)
      activesupport (>= 4.2.5)
    rubyntlm (0.6.2)
    rubyzip (2.3.0)
    sass (3.7.3)
      sass-listen (~> 4.0.0)
    sass-listen (4.0.0)
      rb-fsevent (~> 0.9, >= 0.9.4)
      rb-inotify (~> 0.9, >= 0.9.7)
    sassc (2.4.0)
      ffi (~> 1.9)
    savon (2.12.0)
      akami (~> 1.2)
      builder (>= 2.1.2)
      gyoku (~> 1.2)
      httpi (~> 2.3)
      nokogiri (>= 1.8.1)
      nori (~> 2.4)
      wasabi (~> 3.4)
    selenium-webdriver (3.142.7)
      childprocess (>= 0.5, < 4.0)
      rubyzip (>= 1.2.2)
    semantic_range (2.3.0)
    sidekiq (5.2.7)
      connection_pool (~> 2.2, >= 2.2.2)
      rack (>= 1.5.0)
      rack-protection (>= 1.5.0)
      redis (>= 3.3.5, < 5)
    sidekiq-monitor-stats (0.0.4)
      sidekiq
    signet (0.14.0)
      addressable (~> 2.3)
      faraday (>= 0.17.3, < 2.0)
      jwt (>= 1.5, < 3.0)
      multi_json (~> 1.10)
    simple_calendar (2.4.1)
      rails (>= 3.0)
    simplecov (0.19.0)
      docile (~> 1.1)
      simplecov-html (~> 0.11)
    simplecov-html (0.12.3)
    socksify (1.7.1)
    spring (2.1.1)
    spring-watcher-listen (2.0.1)
      listen (>= 2.7, < 4.0)
      spring (>= 1.2, < 3.0)
    sprockets (4.0.2)
      concurrent-ruby (~> 1.0)
      rack (> 1, < 3)
    sprockets-rails (3.2.2)
      actionpack (>= 4.0)
      activesupport (>= 4.0)
      sprockets (>= 3.0.0)
    spy (1.0.1)
    terminal-table (1.8.0)
      unicode-display_width (~> 1.1, >= 1.1.1)
    therubyracer (0.12.3)
      libv8 (~> 3.16.14.15)
      ref
    thor (1.0.1)
    thread_safe (0.3.6)
    timecop (0.9.2)
    truncate_html (0.9.3)
    turbolinks (5.2.1)
      turbolinks-source (~> 5.2)
    turbolinks-source (5.2.0)
    tzinfo (1.2.7)
      thread_safe (~> 0.1)
    uber (0.1.0)
    uglifier (4.2.0)
      execjs (>= 0.3.0, < 3)
    unf (0.1.4)
      unf_ext
    unf_ext (0.0.7.7)
    unicode-display_width (1.7.0)
    vcr (6.0.0)
    wasabi (3.5.0)
      httpi (~> 2.0)
      nokogiri (>= 1.4.2)
    webmock (3.9.2)
      addressable (>= 2.3.6)
      crack (>= 0.3.2)
      hashdiff (>= 0.4.0, < 2.0.0)
    webpacker (5.2.1)
      activesupport (>= 5.2)
      rack-proxy (>= 0.6.1)
      railties (>= 5.2)
      semantic_range (>= 2.3.0)
    webrobots (0.1.2)
    websocket-driver (0.7.3)
      websocket-extensions (>= 0.1.0)
    websocket-extensions (0.1.5)
    xml-simple (1.1.5)
    xpath (3.2.0)
      nokogiri (~> 1.8)
    zeitwerk (2.4.0)

PLATFORMS
  ruby

DEPENDENCIES
  actionpack-action_caching
  active_model_serializers
  appsignal
  aws-sdk-s3 (~> 1)
  aws-ses (= 0.7.0)
  bcrypt (~> 3.1.0)
  before_renders
  bootsnap
  bourbon (~> 7.0.0)
  byebug
  capybara
  capybara-email
  charlock_holmes
  chroma
  cloudinary
  codecov (~> 0.2.0)
  cookies_eu
  d3-rails (~> 4.8)
  dalli
  elasticsearch (~> 6.0, >= 6.0.2)
  elasticsearch-extensions (~> 0.0.27)
  exchanger
  flight-for-rails
  font-awesome-sass (~> 5.6)
  foreman
  geocoder
  gobierto_data!
  google-api-client
  hashie
  i18n-js (>= 3.0.0.rc11)
  i18n-tasks
  ine-places (= 0.3.0)
  invisible_captcha
  jbuilder (~> 2.5)
  jquery-rails
  json_translate (~> 4.0)
  kaminari (~> 1.2)
  ladle
  launchy
  liquid (~> 4.0)
  liquid-rails!
  listen
  mechanize
  meta-tags
  minitest (= 5.14.2)
  minitest-reporters
  minitest-retry
  minitest-stub-const
  minitest-stub_any_instance
  mocha
  net-ldap
  paper_trail
  paranoia
  pg (~> 1.1)
  pg_search (= 2.3.4)
  puma
  rack-cors
  rails (~> 6.0)
  rails-html-sanitizer
  rake (~> 13.0)
  rb-readline
  redcarpet
  redis (~> 4.0)
  responders
  rollbar
  route_translator
  rubocop
  rubyXL
  ruby_px
  sass (~> 3.4)
  sassc
  savon (~> 2.12.0)
  selenium-webdriver
  sidekiq (~> 5.2.7)
  sidekiq-monitor-stats
  simple_calendar (~> 2.2)
  spring
  spring-watcher-listen (~> 2.0.0)
  spy
  therubyracer
  timecop
  truncate_html
  turbolinks
  uglifier (>= 1.3.0)
  vcr
  webmock
  webpacker (~> 5.0)

BUNDLED WITH
   2.1.4
